GEM
  remote: https://rubygems.org/
  specs:
    coderay (1.1.3)
    google-protobuf (3.21.1-x86_64-linux)
    googleapis-common-protos-types (1.3.1)
      google-protobuf (~> 3.14)
    grpc (1.46.3-x86_64-linux)
      google-protobuf (~> 3.19)
      googleapis-common-protos-types (~> 1.0)
    grpc-tools (1.46.3)
    method_source (1.0.0)
    optimist (3.0.1)
    pry (0.14.1)
      coderay (~> 1.1)
      method_source (~> 1.0)

PLATFORMS
  ruby

DEPENDENCIES
  grpc
  grpc-tools
  optimist
  pry

BUNDLED WITH
   2.1.4
